PATH
  remote: .
  specs:
    rbs (2.8.1)

PATH
  remote: test/assets/test-gem
  specs:
    rbs-amber (1.0.0)

GEM
  remote: https://rubygems.org/
  specs:
    addressable (2.8.0)
      public_suffix (>= 2.0.2, < 5.0)
    ast (2.4.2)
    dbm (1.1.0)
    debase (0.2.5.beta2)
      debase-ruby_core_source (>= 0.10.12)
    debase-ruby_core_source (0.10.16)
    diff-lcs (1.5.0)
    digest (3.1.1)
    forwardable (1.3.2)
    goodcheck (3.1.0)
      marcel (>= 1.0, < 2.0)
      psych (>= 3.1, < 5.0)
      rainbow (>= 3.0, < 4.0)
      strong_json (>= 1.1, < 2.2)
    json (2.6.3)
    json-schema (3.0.0)
      addressable (>= 2.8)
    marcel (1.0.2)
    minitest (5.16.3)
    parallel (1.22.1)
    parser (3.1.3.0)
      ast (~> 2.4.1)
    power_assert (2.0.1)
    prime (0.1.2)
      forwardable
      singleton
    psych (4.0.6)
      stringio
    public_suffix (4.0.7)
    rainbow (3.1.1)
    rake (13.0.6)
    rake-compiler (1.2.0)
      rake
    rdoc (6.4.0)
      psych (>= 4.0.0)
    regexp_parser (2.6.1)
    rexml (3.2.5)
    rspec (3.12.0)
      rspec-core (~> 3.12.0)
      rspec-expectations (~> 3.12.0)
      rspec-mocks (~> 3.12.0)
    rspec-core (3.12.0)
      rspec-support (~> 3.12.0)
    rspec-expectations (3.12.0)
      diff-lcs (>= 1.2.0, < 2.0)
      rspec-support (~> 3.12.0)
    rspec-mocks (3.12.0)
      diff-lcs (>= 1.2.0, < 2.0)
      rspec-support (~> 3.12.0)
    rspec-support (3.12.0)
    rubocop (1.40.0)
      json (~> 2.3)
      parallel (~> 1.10)
      parser (>= 3.1.2.1)
      rainbow (>= 2.2.2, < 4.0)
      regexp_parser (>= 1.8, < 3.0)
      rexml (>= 3.2.5, < 4.0)
      rubocop-ast (>= 1.23.0, < 2.0)
      ruby-progressbar (~> 1.7)
      unicode-display_width (>= 1.4.0, < 3.0)
    rubocop-ast (1.24.0)
      parser (>= 3.1.1.0)
    rubocop-rubycw (0.1.6)
      rubocop (~> 1.0)
    ruby-debug-ide (0.7.3)
      rake (>= 0.8.1)
    ruby-progressbar (1.11.0)
    singleton (0.1.1)
    stackprof (0.2.22)
    stringio (3.0.4)
    strong_json (2.1.2)
    tempfile (0.1.2)
    test-unit (3.5.5)
      power_assert
    unicode-display_width (2.3.0)

PLATFORMS
  ruby
  x86_64-darwin-20

DEPENDENCIES
  dbm
  debase (>= 0.2.5.beta2)
  digest
  goodcheck
  json
  json-schema
  minitest
  prime
  rake
  rake-compiler
  rbs!
  rbs-amber!
  rdoc (< 6.5.0)
  rspec
  rubocop
  rubocop-rubycw
  ruby-debug-ide
  stackprof
  tempfile
  test-unit

BUNDLED WITH
   2.3.14
