PATH
  remote: .
  specs:
    rbs (4.0.0.dev.4)
      logger
      prism (>= 1.3.0)

PATH
  remote: test/assets/test-gem
  specs:
    rbs-amber (1.0.0)

GEM
  remote: https://rubygems.org/
  specs:
    abbrev (0.1.2)
    activesupport (7.2.2.1)
      base64
      benchmark (>= 0.3)
      bigdecimal
      concurrent-ruby (~> 1.0, >= 1.3.1)
      connection_pool (>= 2.2.5)
      drb
      i18n (>= 1.6, < 2)
      logger (>= 1.4.2)
      minitest (>= 5.1)
      securerandom (>= 0.3)
      tzinfo (~> 2.0, >= 2.0.5)
    addressable (2.8.7)
      public_suffix (>= 2.0.2, < 7.0)
    ast (2.4.3)
    base64 (0.3.0)
    benchmark (0.4.0)
    benchmark-ips (2.14.0)
    bigdecimal (3.2.1)
    concurrent-ruby (1.3.5)
    connection_pool (2.5.3)
    csv (3.3.4)
    dbm (1.1.0)
    diff-lcs (1.6.2)
    digest (3.2.0)
    drb (2.2.3)
    erb (5.0.1)
    extconf_compile_commands_json (0.0.7)
    ffi (1.17.2)
    ffi (1.17.2-x86_64-linux-gnu)
    fileutils (1.7.3)
    goodcheck (3.1.0)
      marcel (>= 1.0, < 2.0)
      psych (>= 3.1, < 5.0)
      rainbow (>= 3.0, < 4.0)
      strong_json (>= 1.1, < 2.2)
    i18n (1.14.7)
      concurrent-ruby (~> 1.0)
    json (2.12.2)
    json-schema (5.1.1)
      addressable (~> 2.8)
      bigdecimal (~> 3.1)
    language_server-protocol (3.17.0.5)
    lint_roller (1.1.0)
    listen (3.9.0)
      rb-fsevent (~> 0.10, >= 0.10.3)
      rb-inotify (~> 0.9, >= 0.9.10)
    logger (1.7.0)
    marcel (1.0.4)
    memory_profiler (1.1.0)
    minitest (5.25.5)
    mutex_m (0.3.0)
    net-protocol (0.2.2)
      timeout
    net-smtp (0.5.1)
      net-protocol
    nkf (0.2.0)
    nokogiri (1.18.8-x86_64-linux-gnu)
      racc (~> 1.4)
    ostruct (0.6.1)
    parallel (1.27.0)
    parser (3.3.8.0)
      ast (~> 2.4.1)
      racc
    pathname (0.4.0)
    power_assert (2.0.5)
    prism (1.4.0)
    pstore (0.2.0)
    psych (4.0.6)
      stringio
    public_suffix (6.0.2)
    raap (1.2.0)
      rbs (~> 3.0)
      timeout (~> 0.4)
    racc (1.8.1)
    rainbow (3.1.1)
    rake (13.2.1)
    rake-compiler (1.3.0)
      rake
    rb-fsevent (0.11.2)
    rb-inotify (0.11.1)
      ffi (~> 1.0)
    rdoc (6.14.0)
      erb
      psych (>= 4.0.0)
    regexp_parser (2.10.0)
    rspec (3.13.1)
      rspec-core (~> 3.13.0)
      rspec-expectations (~> 3.13.0)
      rspec-mocks (~> 3.13.0)
    rspec-core (3.13.4)
      rspec-support (~> 3.13.0)
    rspec-expectations (3.13.5)
      diff-lcs (>= 1.2.0, < 2.0)
      rspec-support (~> 3.13.0)
    rspec-mocks (3.13.5)
      diff-lcs (>= 1.2.0, < 2.0)
      rspec-support (~> 3.13.0)
    rspec-support (3.13.4)
    rubocop (1.75.8)
      json (~> 2.3)
      language_server-protocol (~> 3.17.0.2)
      lint_roller (~> 1.1.0)
      parallel (~> 1.10)
      parser (>= 3.3.0.2)
      rainbow (>= 2.2.2, < 4.0)
      regexp_parser (>= 2.9.3, < 3.0)
      rubocop-ast (>= 1.44.0, < 2.0)
      ruby-progressbar (~> 1.7)
      unicode-display_width (>= 2.4.0, < 4.0)
    rubocop-ast (1.44.1)
      parser (>= 3.3.7.2)
      prism (~> 1.4)
    rubocop-on-rbs (1.7.0)
      lint_roller (~> 1.1)
      rbs (~> 3.5)
      rubocop (>= 1.72.1, < 2.0)
      zlib
    rubocop-rubycw (0.2.2)
      lint_roller (~> 1.1)
      rubocop (~> 1.72, >= 1.72.1)
    ruby-progressbar (1.13.0)
    ruby_memcheck (3.0.1)
      nokogiri
    securerandom (0.4.1)
    stackprof (0.2.27)
    steep (1.10.0)
      activesupport (>= 5.1)
      concurrent-ruby (>= 1.1.10)
      csv (>= 3.0.9)
      fileutils (>= 1.1.0)
      json (>= 2.1.0)
      language_server-protocol (>= 3.17.0.4, < 4.0)
      listen (~> 3.0)
      logger (>= 1.3.0)
      mutex_m (>= 0.3.0)
      parser (>= 3.1)
      rainbow (>= 2.2.2, < 4.0)
      rbs (~> 3.9)
      securerandom (>= 0.1)
      strscan (>= 1.0.0)
      terminal-table (>= 2, < 5)
      uri (>= 0.12.0)
    stringio (3.1.7)
    strong_json (2.1.2)
    strscan (3.1.5)
    tempfile (0.3.1)
    terminal-table (4.0.0)
      unicode-display_width (>= 1.1.1, < 4)
    test-unit (3.6.8)
      power_assert
    timeout (0.4.3)
    tzinfo (2.0.6)
      concurrent-ruby (~> 1.0)
    unicode-display_width (3.1.4)
      unicode-emoji (~> 4.0, >= 4.0.4)
    unicode-emoji (4.0.4)
    uri (1.0.3)
    zlib (3.2.1)

PLATFORMS
  x86_64-linux

DEPENDENCIES
  abbrev
  activesupport (~> 7.0)
  base64
  benchmark-ips
  bigdecimal
  csv
  dbm
  digest
  extconf_compile_commands_json
  fileutils
  goodcheck
  json
  json-schema
  memory_profiler
  minitest
  mutex_m
  net-smtp
  nkf
  ostruct
  pathname
  pstore
  raap
  rake
  rake-compiler
  rbs!
  rbs-amber!
  rdoc
  rspec
  rubocop
  rubocop-on-rbs
  rubocop-rubycw
  ruby_memcheck
  stackprof
  steep
  tempfile
  test-unit

BUNDLED WITH
   2.6.3
